GEM
  remote: http://rubygems.org/
  specs:
    active_support (3.0.0)
      activesupport (= 3.0.0)
    activesupport (3.0.0)
    diff-lcs (1.1.2)
    i18n (0.6.0)
    nokogiri (1.5.0)
    rake (0.9.2)
    rspec (2.6.0)
      rspec-core (~> 2.6.0)
      rspec-expectations (~> 2.6.0)
      rspec-mocks (~> 2.6.0)
    rspec-core (2.6.4)
    rspec-expectations (2.6.0)
      diff-lcs (~> 1.1.2)
    rspec-mocks (2.6.0)
    yajl-ruby (0.8.2)

PLATFORMS
  ruby

DEPENDENCIES
  active_support
  i18n
  nokogiri (>= 1.4.4)
  rake
  rspec
  yajl-ruby (>= 0.7.9)
