PATH
  remote: common
  specs:
    vcap_common (0.99)
      eventmachine (~> 0.12.11.cloudfoundry.1)
      logging (>= 1.5.0)
      nats
      posix-spawn
      thin
      yajl-ruby

GEM
  remote: http://rubygems.org/
  specs:
    daemons (1.1.4)
    eventmachine (0.12.11.cloudfoundry.2)
    json_pure (1.6.3)
    little-plugger (1.1.3)
    logging (1.6.1)
      little-plugger (>= 1.1.2)
    nats (0.4.10)
      daemons (>= 1.1.0)
      eventmachine (>= 0.12.10)
      json_pure (>= 1.5.1)
    posix-spawn (0.3.6)
    rack (1.3.5)
    thin (1.3.1)
      daemons (>= 1.0.9)
      eventmachine (>= 0.12.6)
      rack (>= 1.0.0)
    vcap_logging (0.1.3)
    yajl-ruby (1.1.0)

PLATFORMS
  ruby

DEPENDENCIES
  eventmachine (~> 0.12.11.cloudfoundry.1)
  nats
  vcap_common!
  vcap_logging
