GIT
  remote: git://github.com/cloudfoundry/common.git
  revision: e36886a189b82f880a5aa3e9169712d5d9048a88
  specs:
    vcap_logging (1.0.1)
      rake

GIT
  remote: git://github.com/cloudfoundry/eventmachine.git
  revision: 2806c630d8631d5dcf9fb2555f665b829052aabe
  branch: release-0.12.11-cf
  specs:
    eventmachine (0.12.11.cloudfoundry.3)

GIT
  remote: git://github.com/d/vcap-common.git
  revision: f6ffe9add54b55eaf428556147d61f3d64508cd8
  ref: f6ffe9ad
  specs:
    vcap_common (1.0.9)
      eventmachine (~> 0.12.11.cloudfoundry.3)
      nats (~> 0.4.22.beta.8)
      posix-spawn (~> 0.3.6)
      thin (~> 1.3.1)
      yajl-ruby (~> 0.8.3)

GEM
  remote: http://rubygems.org/
  specs:
    builder (3.0.0)
    ci_reporter (1.6.4)
      builder (>= 2.1.2)
    daemons (1.1.8)
    diff-lcs (1.1.2)
    http_parser.rb (0.5.1)
    json_pure (1.6.5)
    nats (0.4.22.beta.8)
      daemons (>= 1.1.4)
      eventmachine (>= 0.12.10)
      json_pure (>= 1.6.1)
      thin (>= 1.3.1)
    posix-spawn (0.3.6)
    rack (1.4.1)
    rake (0.8.7)
    rcov (0.9.9)
    rspec (2.5.0)
      rspec-core (~> 2.5.0)
      rspec-expectations (~> 2.5.0)
      rspec-mocks (~> 2.5.0)
    rspec-core (2.5.1)
    rspec-expectations (2.5.0)
      diff-lcs (~> 1.1.2)
    rspec-mocks (2.5.0)
    thin (1.3.1)
      daemons (>= 1.0.9)
      eventmachine (>= 0.12.6)
      rack (>= 1.0.0)
    yajl-ruby (0.8.3)

PLATFORMS
  ruby

DEPENDENCIES
  bundler (>= 1.0.10)
  ci_reporter
  eventmachine!
  http_parser.rb
  nats
  rake
  rcov
  rspec
  vcap_common (~> 1.0.9)!
  vcap_logging!
  yajl-ruby
