PATH
  remote: ../common
  specs:
    vcap_common (0.99)
      eventmachine (~> 0.12.11.cloudfoundry.2)
      logging (>= 1.5.0)
      nats
      posix-spawn
      thin
      yajl-ruby

GEM
  remote: http://rubygems.org/
  specs:
    builder (3.0.0)
    ci_reporter (1.6.4)
      builder (>= 2.1.2)
    daemons (1.1.2)
    diff-lcs (1.1.2)
    eventmachine (0.12.11.cloudfoundry.2)
    http_parser.rb (0.5.1)
    json_pure (1.5.1)
    little-plugger (1.1.2)
    logging (1.5.2)
      little-plugger (>= 1.1.2)
    nats (0.4.10)
      daemons (>= 1.1.0)
      eventmachine (>= 0.12.10)
      json_pure (>= 1.5.1)
    posix-spawn (0.3.6)
    rack (1.3.2)
    rake (0.8.7)
    rcov (0.9.9)
    rspec (2.5.0)
      rspec-core (~> 2.5.0)
      rspec-expectations (~> 2.5.0)
      rspec-mocks (~> 2.5.0)
    rspec-core (2.5.1)
    rspec-expectations (2.5.0)
      diff-lcs (~> 1.1.2)
    rspec-mocks (2.5.0)
    thin (1.2.11)
      daemons (>= 1.0.9)
      eventmachine (>= 0.12.6)
      rack (>= 1.0.0)
    vcap_logging (0.1.3)
    yajl-ruby (0.8.2)

PLATFORMS
  ruby

DEPENDENCIES
  bundler (>= 1.0.10)
  ci_reporter
  eventmachine (~> 0.12.11.cloudfoundry.2)
  http_parser.rb
  nats (>= 0.4.10)
  rake
  rcov
  rspec
  vcap_common!
  vcap_logging
  yajl-ruby
