GIT
  remote: git://github.com/cloudfoundry/common.git
  revision: e36886a189b82f880a5aa3e9169712d5d9048a88
  specs:
    vcap_logging (1.0.1)
      rake

GIT
  remote: git://github.com/cloudfoundry/eventmachine.git
  revision: 2806c630d8631d5dcf9fb2555f665b829052aabe
  branch: release-0.12.11-cf
  specs:
    eventmachine (0.12.11.cloudfoundry.3)

GIT
  remote: git://github.com/cloudfoundry/vcap-concurrency.git
  revision: e1058bb1e06ace39133f35ee121f9b3b1521fc8f
  ref: e1058bb1
  specs:
    vcap-concurrency (0.0.1)

GIT
  remote: git://github.com/d/stager-client.git
  revision: fdaae720264e43cf7b1d068fcac27b005517d922
  specs:
    stager-client (0.0.2)
      eventmachine
      nats
      yajl-ruby

GIT
  remote: git://github.com/d/vcap-common.git
  revision: f6ffe9add54b55eaf428556147d61f3d64508cd8
  ref: f6ffe9ad
  specs:
    vcap_common (1.0.9)
      eventmachine (~> 0.12.11.cloudfoundry.3)
      nats (~> 0.4.22.beta.8)
      posix-spawn (~> 0.3.6)
      thin (~> 1.3.1)
      yajl-ruby (~> 0.8.3)

GIT
  remote: git://github.com/d/vcap-staging.git
  revision: a5ab35ecf1b5541c8a2d7fd0c639be0dc04c6801
  specs:
    vcap_staging (0.1.59)
      nokogiri (>= 1.4.4)
      rake
      rspec
      uuidtools (~> 2.1.2)
      vcap_common (~> 1.0.8)
      yajl-ruby (>= 0.7.9)

GEM
  remote: http://rubygems.org/
  specs:
    addressable (2.2.6)
    builder (3.0.0)
    ci_reporter (1.6.5)
      builder (>= 2.1.2)
    crack (0.1.8)
    daemons (1.1.8)
    diff-lcs (1.1.3)
    json_pure (1.6.5)
    nats (0.4.22)
      daemons (>= 1.1.4)
      eventmachine (>= 0.12.10)
      json_pure (>= 1.6.1)
      thin (>= 1.3.1)
    nokogiri (1.5.2)
    posix-spawn (0.3.6)
    rack (1.4.1)
    rake (0.9.2.2)
    rspec (2.9.0)
      rspec-core (~> 2.9.0)
      rspec-expectations (~> 2.9.0)
      rspec-mocks (~> 2.9.0)
    rspec-core (2.9.0)
    rspec-expectations (2.9.0)
      diff-lcs (~> 1.1.3)
    rspec-mocks (2.9.0)
    sinatra (1.2.6)
      rack (~> 1.1)
      tilt (>= 1.2.2, < 2.0)
    thin (1.3.1)
      daemons (>= 1.0.9)
      eventmachine (>= 0.12.6)
      rack (>= 1.0.0)
    tilt (1.3.2)
    uuidtools (2.1.2)
    webmock (1.7.4)
      addressable (~> 2.2, > 2.2.5)
      crack (>= 0.1.7)
    yajl-ruby (0.8.3)

PLATFORMS
  ruby

DEPENDENCIES
  ci_reporter
  eventmachine!
  nats
  rake
  rspec
  sinatra
  stager-client (~> 0.0.2)!
  vcap-concurrency (~> 0.0.1)!
  vcap_common (~> 1.0.8)!
  vcap_logging (>= 0.1.3)!
  vcap_staging (~> 0.1.59)!
  webmock
  yajl-ruby (>= 0.7.9)
