GEM
  remote: http://rubygems.org/
  specs:
    addressable (2.2.6)
    builder (3.0.0)
    ci_reporter (1.6.5)
      builder (>= 2.1.2)
    crack (0.1.8)
    daemons (1.1.8)
    diff-lcs (1.1.3)
    eventmachine (0.12.11.cloudfoundry.3)
    json_pure (1.6.5)
    nats (0.4.22)
      daemons (>= 1.1.4)
      eventmachine (>= 0.12.10)
      json_pure (>= 1.6.1)
      thin (>= 1.3.1)
    nokogiri (1.5.2)
    posix-spawn (0.3.6)
    rack (1.4.1)
    rake (0.9.2.2)
    rspec (2.9.0)
      rspec-core (~> 2.9.0)
      rspec-expectations (~> 2.9.0)
      rspec-mocks (~> 2.9.0)
    rspec-core (2.9.0)
    rspec-expectations (2.9.0)
      diff-lcs (~> 1.1.3)
    rspec-mocks (2.9.0)
    sinatra (1.2.6)
      rack (~> 1.1)
      tilt (>= 1.2.2, < 2.0)
    thin (1.3.1)
      daemons (>= 1.0.9)
      eventmachine (>= 0.12.6)
      rack (>= 1.0.0)
    tilt (1.3.2)
    uuidtools (2.1.2)
    vcap-concurrency (0.0.1)
    vcap_common (1.0.9)
      eventmachine (~> 0.12.11.cloudfoundry.3)
      nats (~> 0.4.22.beta.8)
      posix-spawn (~> 0.3.6)
      thin (~> 1.3.1)
      yajl-ruby (~> 0.8.3)
    vcap_logging (1.0.1)
      rake
    vcap_staging (0.1.54)
      nokogiri (>= 1.4.4)
      rake
      rspec
      uuidtools (~> 2.1.2)
      vcap_common (~> 1.0.8)
      yajl-ruby (>= 0.7.9)
    webmock (1.7.4)
      addressable (~> 2.2, > 2.2.5)
      crack (>= 0.1.7)
    yajl-ruby (0.8.3)

PLATFORMS
  ruby

DEPENDENCIES
  ci_reporter
  eventmachine
  nats
  rake
  rspec
  sinatra
  vcap-concurrency (~> 0.0.1)
  vcap_common (~> 1.0.8)
  vcap_logging (>= 0.1.3)
  vcap_staging (~> 0.1.54)
  webmock
  yajl-ruby (>= 0.7.9)
