GEM
  remote: http://rubygems.org/
  specs:
    addressable (2.2.6)
    crack (0.1.8)
    daemons (1.1.4)
    diff-lcs (1.1.2)
    eventmachine (0.12.10)
    json_pure (1.5.3)
    little-plugger (1.1.2)
    logging (1.5.2)
      little-plugger (>= 1.1.2)
    nats (0.4.10)
      daemons (>= 1.1.0)
      eventmachine (>= 0.12.10)
      json_pure (>= 1.5.1)
    nokogiri (1.5.0)
    posix-spawn (0.3.6)
    rack (1.3.2)
    rake (0.9.2)
    rspec (2.6.0)
      rspec-core (~> 2.6.0)
      rspec-expectations (~> 2.6.0)
      rspec-mocks (~> 2.6.0)
    rspec-core (2.6.4)
    rspec-expectations (2.6.0)
      diff-lcs (~> 1.1.2)
    rspec-mocks (2.6.0)
    sinatra (1.2.6)
      rack (~> 1.1)
      tilt (>= 1.2.2, < 2.0)
    thin (1.2.11)
      daemons (>= 1.0.9)
      eventmachine (>= 0.12.6)
      rack (>= 1.0.0)
    tilt (1.3.2)
    vcap_common (0.99)
      eventmachine (~> 0.12.10)
      logging (>= 1.5.0)
      nats
      posix-spawn
      thin
      yajl-ruby
    vcap_logging (0.1.3)
    vcap_staging (0.1.24)
      nokogiri (>= 1.4.4)
      rake
      rspec
      vcap_common
      yajl-ruby (>= 0.7.9)
    webmock (1.7.4)
      addressable (~> 2.2, > 2.2.5)
      crack (>= 0.1.7)
    yajl-ruby (0.8.3)

PLATFORMS
  ruby

DEPENDENCIES
  eventmachine (= 0.12.10)
  logging (= 1.5.2)
  nats
  rake
  rspec
  sinatra
  vcap_common
  vcap_logging (>= 0.1.3)
  vcap_staging (>= 0.1.24)
  webmock
  yajl-ruby (>= 0.7.9)
