GEM
  remote: http://rubygems.org/
  specs:
    addressable (2.2.6)
    async_sinatra (0.5.0)
      rack (>= 1.2.1)
      sinatra (>= 1.0)
    daemons (1.1.5)
    diff-lcs (1.1.3)
    em-http-request (0.3.0)
      addressable (>= 2.0.0)
      escape_utils
      eventmachine (>= 0.12.9)
    escape_utils (0.2.4)
    eventmachine (0.12.11.cloudfoundry.3)
    json_pure (1.6.4)
    little-plugger (1.1.3)
    logging (1.6.1)
      little-plugger (>= 1.1.2)
    mime-types (1.17.2)
    nats (0.4.22.beta.4)
      daemons (>= 1.1.4)
      eventmachine (>= 0.12.10)
      json_pure (>= 1.6.1)
      thin (>= 1.3.1)
    posix-spawn (0.3.6)
    rack (1.4.0)
    rack-fiber_pool (0.9.2)
    rack-protection (1.2.0)
      rack
    rake (0.9.2.2)
    rest-client (1.6.3)
      mime-types (>= 1.16)
    rspec (2.7.0)
      rspec-core (~> 2.7.0)
      rspec-expectations (~> 2.7.0)
      rspec-mocks (~> 2.7.0)
    rspec-core (2.7.1)
    rspec-expectations (2.7.0)
      diff-lcs (~> 1.1.2)
    rspec-mocks (2.7.0)
    sinatra (1.3.2)
      rack (~> 1.3, >= 1.3.6)
      rack-protection (~> 1.2)
      tilt (~> 1.3, >= 1.3.3)
    thin (1.3.1)
      daemons (>= 1.0.9)
      eventmachine (>= 0.12.6)
      rack (>= 1.0.0)
    tilt (1.3.3)
    vcap_common (1.0.3)
      eventmachine (~> 0.12.11.cloudfoundry.3)
      logging (>= 1.5.0)
      nats (~> 0.4.22.beta.4)
      posix-spawn (~> 0.3.6)
      thin (~> 1.3.1)
      yajl-ruby (~> 0.8.3)
    vcap_logging (0.1.3)
    yajl-ruby (0.8.3)

PLATFORMS
  ruby

DEPENDENCIES
  async_sinatra
  em-http-request
  rack-fiber_pool
  rake
  rest-client (= 1.6.3)
  rspec
  thin
  vcap_common (~> 1.0.3)
  vcap_logging (>= 0.1.1)
