PATH
  remote: .
  specs:
    vcap_package_cache (0.1.9)
      rake (= 0.9.2.2)
      sinatra (= 1.3.2)
      thin (= 1.3.1)
      vcap_common (~> 1.0.8)
      vcap_logging (>= 0.1.1)
      vcap_package_cache_client (= 0.1.8)

GEM
  remote: http://rubygems.org/
  specs:
    daemons (1.1.8)
    diff-lcs (1.1.3)
    eventmachine (0.12.11.cloudfoundry.3)
    json_pure (1.6.5)
    mime-types (1.17.2)
    nats (0.4.22.beta.8)
      daemons (>= 1.1.4)
      eventmachine (>= 0.12.10)
      json_pure (>= 1.6.1)
      thin (>= 1.3.1)
    posix-spawn (0.3.6)
    rack (1.4.1)
    rack-protection (1.2.0)
      rack
    rake (0.9.2.2)
    rest-client (1.6.3)
      mime-types (>= 1.16)
    rspec (2.7.0)
      rspec-core (~> 2.7.0)
      rspec-expectations (~> 2.7.0)
      rspec-mocks (~> 2.7.0)
    rspec-core (2.7.1)
    rspec-expectations (2.7.0)
      diff-lcs (~> 1.1.2)
    rspec-mocks (2.7.0)
    sinatra (1.3.2)
      rack (~> 1.3, >= 1.3.6)
      rack-protection (~> 1.2)
      tilt (~> 1.3, >= 1.3.3)
    thin (1.3.1)
      daemons (>= 1.0.9)
      eventmachine (>= 0.12.6)
      rack (>= 1.0.0)
    tilt (1.3.3)
    vcap_common (1.0.8)
      eventmachine (~> 0.12.11.cloudfoundry.3)
      nats (~> 0.4.22.beta.8)
      posix-spawn (~> 0.3.6)
      thin (~> 1.3.1)
      yajl-ruby (~> 0.8.3)
    vcap_logging (0.1.4)
      rake
    vcap_package_cache_client (0.1.8)
      rake (= 0.9.2.2)
      rest-client (= 1.6.3)
      vcap_common (~> 1.0.3)
      vcap_logging (>= 0.1.1)
    yajl-ruby (0.8.3)

PLATFORMS
  ruby

DEPENDENCIES
  rspec
  vcap_package_cache!
