GEM
  remote: http://rubygems.org/
  specs:
    SystemTimer (1.2.3)
    abstract (1.0.0)
    actionmailer (3.0.5)
      actionpack (= 3.0.5)
      mail (~> 2.2.15)
    actionpack (3.0.5)
      activemodel (= 3.0.5)
      activesupport (= 3.0.5)
      builder (~> 2.1.2)
      erubis (~> 2.6.6)
      i18n (~> 0.4)
      rack (~> 1.2.1)
      rack-mount (~> 0.6.13)
      rack-test (~> 0.5.7)
      tzinfo (~> 0.3.23)
    activemodel (3.0.5)
      activesupport (= 3.0.5)
      builder (~> 2.1.2)
      i18n (~> 0.4)
    activerecord (3.0.5)
      activemodel (= 3.0.5)
      activesupport (= 3.0.5)
      arel (~> 2.0.2)
      tzinfo (~> 0.3.23)
    activeresource (3.0.5)
      activemodel (= 3.0.5)
      activesupport (= 3.0.5)
    activesupport (3.0.5)
    addressable (2.2.4)
    arel (2.0.9)
    bcrypt-ruby (2.1.4)
    builder (2.1.2)
    cf-uaa-client (0.0.8)
      em-http-request (= 1.0.0.beta.3)
      eventmachine
      json_pure
      rest-client
    chronic (0.6.4)
    ci_reporter (1.6.4)
      builder (>= 2.1.2)
    daemons (1.1.8)
    delorean (1.1.0)
      chronic
    diff-lcs (1.1.3)
    em-hiredis (0.1.0)
      hiredis (~> 0.3.0)
    em-http-request (1.0.0.beta.3)
      addressable (>= 2.2.3)
      em-socksify
      eventmachine
      http_parser.rb (>= 0.5.1)
    em-redis (0.3.0)
      eventmachine
    em-socksify (0.1.0)
      eventmachine
    erubis (2.6.6)
      abstract (>= 1.0.0)
    eventmachine (0.12.11.cloudfoundry.3)
    hiredis (0.3.2)
    http_parser.rb (0.5.1)
    i18n (0.5.0)
    json_pure (1.6.6)
    mail (2.2.15)
      activesupport (>= 2.3.6)
      i18n (>= 0.4.0)
      mime-types (~> 1.16)
      treetop (~> 1.4.8)
    mime-types (1.16)
    mocha (0.9.12)
    mysql2 (0.2.7)
    nats (0.4.22)
      daemons (>= 1.1.4)
      eventmachine (>= 0.12.10)
      json_pure (>= 1.6.1)
      thin (>= 1.3.1)
    nokogiri (1.4.7)
    pg (0.10.1)
    polyglot (0.3.1)
    posix-spawn (0.3.6)
    rack (1.2.5)
    rack-fiber_pool (0.9.1)
    rack-mount (0.6.14)
      rack (>= 1.0.0)
    rack-test (0.5.7)
      rack (>= 1.0)
    rails (3.0.5)
      actionmailer (= 3.0.5)
      actionpack (= 3.0.5)
      activerecord (= 3.0.5)
      activeresource (= 3.0.5)
      activesupport (= 3.0.5)
      bundler (~> 1.0)
      railties (= 3.0.5)
    railties (3.0.5)
      actionpack (= 3.0.5)
      activesupport (= 3.0.5)
      rake (>= 0.8.7)
      thor (~> 0.14.4)
    rake (0.9.2.2)
    rcov (0.9.9)
    rest-client (1.6.7)
      mime-types (>= 1.16)
    rspec (2.5.0)
      rspec-core (~> 2.5.0)
      rspec-expectations (~> 2.5.0)
      rspec-mocks (~> 2.5.0)
    rspec-core (2.5.2)
    rspec-expectations (2.5.0)
      diff-lcs (~> 1.1.2)
    rspec-mocks (2.5.0)
    rspec-rails (2.5.0)
      actionpack (~> 3.0)
      activesupport (~> 3.0)
      railties (~> 3.0)
      rspec (~> 2.5.0)
    ruby-hmac (0.4.0)
    sinatra (1.2.1)
      rack (~> 1.1)
      tilt (>= 1.2.2, < 2.0)
    sqlite3 (1.3.3)
    thin (1.3.1)
      daemons (>= 1.0.9)
      eventmachine (>= 0.12.6)
      rack (>= 1.0.0)
    thor (0.14.6)
    tilt (1.2.2)
    treetop (1.4.9)
      polyglot (>= 0.3.1)
    tzinfo (0.3.26)
    uuidtools (2.1.2)
    vcap_common (1.0.11)
      eventmachine (~> 0.12.11.cloudfoundry.3)
      nats (~> 0.4.22.beta.8)
      posix-spawn (~> 0.3.6)
      thin (~> 1.3.1)
      yajl-ruby (~> 0.8.3)
    vcap_logging (1.0.0)
    vcap_stager (0.1.14)
    vcap_staging (0.1.51)
      nokogiri (>= 1.4.4)
      rake
      rspec
      uuidtools (~> 2.1.2)
      vcap_common (~> 1.0.8)
      yajl-ruby (>= 0.7.9)
    yajl-ruby (0.8.3)

PLATFORMS
  ruby

DEPENDENCIES
  SystemTimer (~> 1.2)
  bcrypt-ruby (~> 2.1.4)
  cf-uaa-client (>= 0.0.8)
  ci_reporter
  delorean
  em-hiredis
  em-http-request (~> 1.0.0.beta.3)
  em-redis (~> 0.3.0)
  eventmachine
  mocha
  mysql2 (>= 0.2.6)
  nats
  nokogiri (~> 1.4.4)
  pg
  rack-fiber_pool (~> 0.9.1)
  rails (~> 3.0.5)
  rcov
  rest-client (~> 1.6.7)
  rspec (>= 2.4.0)
  rspec-rails (>= 2.4.1)
  ruby-hmac (~> 0.4.0)
  sinatra
  sqlite3
  thin
  uuidtools (~> 2.1.2)
  vcap_common
  vcap_logging
  vcap_stager (~> 0.1.14)
  vcap_staging (~> 0.1.51)
  yajl-ruby (~> 0.8.3)
