GIT
  remote: git://github.com/cloudfoundry/common.git
  revision: a07c8ac0cb5c2f738366a07eb9e3766a1f69e8dc
  ref: a07c8ac0
  specs:
    vcap_logging (1.0.0)
      rake

GIT
  remote: git://github.com/cloudfoundry/eventmachine.git
  revision: 2806c630d8631d5dcf9fb2555f665b829052aabe
  branch: release-0.12.11-cf
  specs:
    eventmachine (0.12.11.cloudfoundry.3)

GIT
  remote: git://github.com/d/vcap-common.git
  revision: 506e4682f51ae3270aa0f231cebd78b99974e0e9
  specs:
    vcap_common (1.0.10)
      eventmachine (~> 0.12.11.cloudfoundry.3)
      nats (~> 0.4.22.beta.8)
      posix-spawn (~> 0.3.6)
      thin (~> 1.3.1)
      yajl-ruby (~> 0.8.3)

PATH
  remote: .
  specs:
    vcap_package_cache_client (0.1.8)
      rake (= 0.9.2.2)
      rest-client (= 1.6.3)
      vcap_common (~> 1.0.6)
      vcap_logging (>= 0.1.1)

GEM
  remote: http://rubygems.org/
  specs:
    daemons (1.1.8)
    diff-lcs (1.1.3)
    json_pure (1.6.6)
    mime-types (1.18)
    nats (0.4.22)
      daemons (>= 1.1.4)
      eventmachine (>= 0.12.10)
      json_pure (>= 1.6.1)
      thin (>= 1.3.1)
    posix-spawn (0.3.6)
    rack (1.4.1)
    rake (0.9.2.2)
    rest-client (1.6.3)
      mime-types (>= 1.16)
    rspec (2.8.0)
      rspec-core (~> 2.8.0)
      rspec-expectations (~> 2.8.0)
      rspec-mocks (~> 2.8.0)
    rspec-core (2.8.0)
    rspec-expectations (2.8.0)
      diff-lcs (~> 1.1.2)
    rspec-mocks (2.8.0)
    thin (1.3.1)
      daemons (>= 1.0.9)
      eventmachine (>= 0.12.6)
      rack (>= 1.0.0)
    yajl-ruby (0.8.3)

PLATFORMS
  ruby

DEPENDENCIES
  eventmachine!
  rspec
  vcap_common!
  vcap_logging!
  vcap_package_cache_client!
