GIT
  remote: git://github.com/cloudfoundry/common.git
  revision: a07c8ac0cb5c2f738366a07eb9e3766a1f69e8dc
  specs:
    em-posix-spawn (0.0.5)
      eventmachine
      posix-spawn
    vcap_logging (1.0.0)
      rake

GIT
  remote: git://github.com/cloudfoundry/eventmachine.git
  revision: 2806c630d8631d5dcf9fb2555f665b829052aabe
  branch: release-0.12.11-cf
  specs:
    eventmachine (0.12.11.cloudfoundry.3)

GIT
  remote: git://github.com/d/vcap-common.git
  revision: 72b230b6c0dfa491368bfd2f72d3527c4c1cdf29
  ref: 72b230b6
  specs:
    vcap_common (1.0.4)
      eventmachine (~> 0.12.11.cloudfoundry.3)
      logging (>= 1.5.0)
      nats (~> 0.4.22.beta.4)
      posix-spawn (~> 0.3.6)
      thin (~> 1.3.1)
      yajl-ruby (~> 0.8.3)

GIT
  remote: git://github.com/d/vcap-warden-client.git
  revision: ef6828f44a55ace64a59c92a10b16275a247b68e
  specs:
    warden-client (0.0.1)
      yajl-ruby

GEM
  remote: http://rubygems.org/
  specs:
    daemons (1.1.8)
    diff-lcs (1.1.3)
    json_pure (1.6.6)
    little-plugger (1.1.3)
    logging (1.7.2)
      little-plugger (>= 1.1.3)
    nats (0.4.22)
      daemons (>= 1.1.4)
      eventmachine (>= 0.12.10)
      json_pure (>= 1.6.1)
      thin (>= 1.3.1)
    posix-spawn (0.3.6)
    rack (1.4.1)
    rake (0.9.2.2)
    rspec (2.8.0)
      rspec-core (~> 2.8.0)
      rspec-expectations (~> 2.8.0)
      rspec-mocks (~> 2.8.0)
    rspec-core (2.8.0)
    rspec-expectations (2.8.0)
      diff-lcs (~> 1.1.2)
    rspec-mocks (2.8.0)
    thin (1.3.1)
      daemons (>= 1.0.9)
      eventmachine (>= 0.12.6)
      rack (>= 1.0.0)
    yajl-ruby (0.8.3)

PLATFORMS
  ruby

DEPENDENCIES
  em-posix-spawn (> 0.0.1)!
  eventmachine!
  rake
  rspec
  vcap_common!
  vcap_logging!
  warden-client!
  yajl-ruby
