GEM
  remote: http://rubygems.org/
  specs:
    daemons (1.1.8)
    diff-lcs (1.1.3)
    em-posix-spawn (0.0.5)
      eventmachine
      posix-spawn
    eventmachine (0.12.11.cloudfoundry.3)
    json_pure (1.6.5)
    little-plugger (1.1.3)
    logging (1.6.1)
      little-plugger (>= 1.1.2)
    nats (0.4.22)
      daemons (>= 1.1.4)
      eventmachine (>= 0.12.10)
      json_pure (>= 1.6.1)
      thin (>= 1.3.1)
    posix-spawn (0.3.6)
    rack (1.4.1)
    rake (0.9.2.2)
    rspec (2.8.0)
      rspec-core (~> 2.8.0)
      rspec-expectations (~> 2.8.0)
      rspec-mocks (~> 2.8.0)
    rspec-core (2.8.0)
    rspec-expectations (2.8.0)
      diff-lcs (~> 1.1.2)
    rspec-mocks (2.8.0)
    thin (1.3.1)
      daemons (>= 1.0.9)
      eventmachine (>= 0.12.6)
      rack (>= 1.0.0)
    vcap_common (1.0.4)
      eventmachine (~> 0.12.11.cloudfoundry.3)
      logging (>= 1.5.0)
      nats (~> 0.4.22.beta.4)
      posix-spawn (~> 0.3.6)
      thin (~> 1.3.1)
      vcap_logging
      yajl-ruby (~> 0.8.3)
    vcap_logging (1.0.0)
      rake
    warden-client (0.0.1)
      yajl-ruby
    yajl-ruby (0.8.3)

PLATFORMS
  ruby

DEPENDENCIES
  em-posix-spawn (> 0.0.1)
  eventmachine (= 0.12.11.cloudfoundry.3)
  rake
  rspec
  vcap_common
  vcap_logging
  warden-client
  yajl-ruby
