GIT
  remote: git://github.com/cloudfoundry/common.git
  revision: e36886a189b82f880a5aa3e9169712d5d9048a88
  ref: e36886a189b82f88
  specs:
    vcap_logging (1.0.1)
      rake

GIT
  remote: git://github.com/cloudfoundry/eventmachine.git
  revision: 2806c630d8631d5dcf9fb2555f665b829052aabe
  branch: release-0.12.11-cf
  specs:
    eventmachine (0.12.11.cloudfoundry.3)

GIT
  remote: git://github.com/cloudfoundry/uaa.git
  revision: 0000f73653ae3a09279063e4f73f87066a91b14a
  ref: 0000f736
  specs:
    cf-uaa-client (0.0.10)
      em-http-request (<= 1.0.0.beta.3, < 1.0.1)
      eventmachine
      interact
      json_pure
      rest-client
      thor

GIT
  remote: git://github.com/cloudfoundry/vcap-common.git
  revision: cbeb8a17539e8b27b7c4fa6f37a3cb6b805b0d03
  ref: cbeb8a17
  specs:
    vcap_common (1.0.12)
      eventmachine (~> 0.12.11.cloudfoundry.3)
      nats (~> 0.4.22.beta.8)
      posix-spawn (~> 0.3.6)
      thin (~> 1.3.1)
      yajl-ruby (~> 0.8.3)

GIT
  remote: https://github.com/derekcollison/nats.git
  revision: 9bab15c62f298072346372855db349de9c8be5e1
  tag: v0.4.22.beta.8
  specs:
    nats (0.4.22.beta.8)
      daemons (>= 1.1.4)
      eventmachine (>= 0.12.10)
      json_pure (>= 1.6.1)
      thin (>= 1.3.1)

GEM
  remote: http://rubygems.org/
  specs:
    addressable (2.2.6)
    builder (3.0.0)
    ci_reporter (1.6.5)
      builder (>= 2.1.2)
    daemons (1.1.8)
    diff-lcs (1.1.3)
    em-http-request (1.0.0.beta.3)
      addressable (>= 2.2.3)
      em-socksify
      eventmachine
      http_parser.rb (>= 0.5.1)
    em-socksify (0.1.0)
      eventmachine
    http_parser.rb (0.5.3)
    interact (0.4.2)
    json_pure (1.6.5)
    mime-types (1.18)
    posix-spawn (0.3.6)
    rack (1.4.1)
    rake (0.9.2)
    rcov (0.9.10)
    rest-client (1.6.7)
      mime-types (>= 1.16)
    rspec (2.6.0)
      rspec-core (~> 2.6.0)
      rspec-expectations (~> 2.6.0)
      rspec-mocks (~> 2.6.0)
    rspec-core (2.6.4)
    rspec-expectations (2.6.0)
      diff-lcs (~> 1.1.2)
    rspec-mocks (2.6.0)
    thin (1.3.1)
      daemons (>= 1.0.9)
      eventmachine (>= 0.12.6)
      rack (>= 1.0.0)
    thor (0.15.2)
    yajl-ruby (0.8.3)

PLATFORMS
  ruby

DEPENDENCIES
  bundler (>= 1.0.10)
  cf-uaa-client (~> 0.0.10)!
  ci_reporter
  em-http-request (~> 1.0.0.beta.3)
  eventmachine!
  nats!
  rack
  rake
  rcov
  rspec
  thin
  vcap_common (>= 1.0.10)!
  vcap_logging (~> 1.0.0)!
  yajl-ruby
