GEM
  remote: http://rubygems.org/
  specs:
    addressable (2.2.6)
    builder (3.0.0)
    ci_reporter (1.6.5)
      builder (>= 2.1.2)
    daemons (1.1.4)
    diff-lcs (1.1.3)
    em-http-request (1.0.0.beta.3)
      addressable (>= 2.2.3)
      em-socksify
      eventmachine
      http_parser.rb (>= 0.5.1)
    em-socksify (0.1.0)
      eventmachine
    eventmachine (0.12.11.cloudfoundry.3)
    http_parser.rb (0.5.3)
    json_pure (1.6.3)
    little-plugger (1.1.3)
    logging (1.6.1)
      little-plugger (>= 1.1.2)
    nats (0.4.10)
      daemons (>= 1.1.0)
      eventmachine (>= 0.12.10)
      json_pure (>= 1.5.1)
    posix-spawn (0.3.6)
    rack (1.3.5)
    rake (0.9.2)
    rcov (0.9.10)
    rspec (2.6.0)
      rspec-core (~> 2.6.0)
      rspec-expectations (~> 2.6.0)
      rspec-mocks (~> 2.6.0)
    rspec-core (2.6.4)
    rspec-expectations (2.6.0)
      diff-lcs (~> 1.1.2)
    rspec-mocks (2.6.0)
    thin (1.2.11)
      daemons (>= 1.0.9)
      eventmachine (>= 0.12.6)
      rack (>= 1.0.0)
    vcap_common (1.0.1)
      eventmachine (~> 0.12.11.cloudfoundry.3)
      logging (>= 1.5.0)
      nats (~> 0.4.10)
      posix-spawn (~> 0.3.6)
      thin (~> 1.2.11)
      yajl-ruby (~> 0.8.3)
    vcap_logging (0.1.3)
    yajl-ruby (0.8.3)

PLATFORMS
  ruby

DEPENDENCIES
  bundler (>= 1.0.10)
  ci_reporter
  em-http-request (~> 1.0.0.beta.3)
  eventmachine (~> 0.12.11.cloudfoundry.2)
  logging (>= 1.5.0)
  nats (>= 0.4.10)
  rack
  rake
  rcov
  rspec
  thin (~> 1.2.11)
  vcap_common (~> 1.0.1)
  vcap_logging
  yajl-ruby
